GEM
  remote: https://rubygems.org/
  specs:
    amq-protocol (2.3.4)
    bigdecimal (3.2.2)
    bunny (2.24.0)
      amq-protocol (~> 2.3)
      sorted_set (~> 1, >= 1.0.2)
    byebug (12.0.0)
    coderay (1.1.3)
    json (2.12.2)
    method_source (1.1.0)
    nio4r (2.7.4)
    pg (1.5.9)
    pry (0.15.2)
      coderay (~> 1.1)
      method_source (~> 1.0)
    pry-byebug (3.11.0)
      byebug (~> 12.0)
      pry (>= 0.13, < 0.16)
    puma (6.6.0)
      nio4r (~> 2.0)
    rack (3.1.16)
    rbtree (0.4.6)
    sequel (5.93.0)
      bigdecimal
    set (1.1.2)
    sorted_set (1.0.3)
      rbtree
      set (~> 1.0)

PLATFORMS
  x86_64-linux-gnu

DEPENDENCIES
  bunny
  json
  pg
  pry
  pry-byebug
  puma
  rack
  sequel

BUNDLED WITH
   2.4.20
