GEM
  remote: https://rubygems.org/
  specs:
    addressable (2.8.7)
      public_suffix (>= 2.0.2, < 7.0)
    amq-protocol (2.3.4)
    bigdecimal (3.2.2)
    bunny (2.24.0)
      amq-protocol (~> 2.3)
      sorted_set (~> 1, >= 1.0.2)
    byebug (12.0.0)
    coderay (1.1.3)
    crack (1.0.0)
      bigdecimal
      rexml
    diff-lcs (1.6.2)
    hashdiff (1.2.0)
    json (2.12.2)
    method_source (1.1.0)
    nio4r (2.7.4)
    pg (1.5.9)
    pry (0.15.2)
      coderay (~> 1.1)
      method_source (~> 1.0)
    pry-byebug (3.11.0)
      byebug (~> 12.0)
      pry (>= 0.13, < 0.16)
    public_suffix (6.0.2)
    puma (6.6.0)
      nio4r (~> 2.0)
    rack (3.1.16)
    rack-test (2.2.0)
      rack (>= 1.3)
    rbtree (0.4.6)
    rexml (3.4.1)
    rspec (3.13.1)
      rspec-core (~> 3.13.0)
      rspec-expectations (~> 3.13.0)
      rspec-mocks (~> 3.13.0)
    rspec-core (3.13.4)
      rspec-support (~> 3.13.0)
    rspec-expectations (3.13.5)
      diff-lcs (>= 1.2.0, < 2.0)
      rspec-support (~> 3.13.0)
    rspec-mocks (3.13.5)
      diff-lcs (>= 1.2.0, < 2.0)
      rspec-support (~> 3.13.0)
    rspec-support (3.13.4)
    sequel (5.93.0)
      bigdecimal
    set (1.1.2)
    sorted_set (1.0.3)
      rbtree
      set (~> 1.0)
    sqlite3 (2.7.0-x86_64-linux-gnu)
    webmock (3.25.1)
      addressable (>= 2.8.0)
      crack (>= 0.3.2)
      hashdiff (>= 0.4.0, < 2.0.0)

PLATFORMS
  x86_64-linux-gnu

DEPENDENCIES
  bunny
  json
  pg
  pry
  pry-byebug
  puma
  rack
  rack-test
  rspec
  sequel
  sqlite3
  webmock

BUNDLED WITH
   2.4.20
