GEM
  remote: https://rubygems.org/
  specs:
    byebug (12.0.0)
    coderay (1.1.3)
    json (2.12.2)
    method_source (1.1.0)
    nio4r (2.7.4)
    pry (0.15.2)
      coderay (~> 1.1)
      method_source (~> 1.0)
    pry-byebug (3.11.0)
      byebug (~> 12.0)
      pry (>= 0.13, < 0.16)
    puma (6.6.0)
      nio4r (~> 2.0)
    rack (3.1.16)

PLATFORMS
  x86_64-linux-gnu

DEPENDENCIES
  json
  pry
  pry-byebug
  puma
  rack

BUNDLED WITH
   2.4.20
