GEM
  remote: https://rubygems.org/
  specs:
    amq-protocol (2.3.4)
    bigdecimal (3.2.2)
    bunny (2.24.0)
      amq-protocol (~> 2.3)
      sorted_set (~> 1, >= 1.0.2)
    byebug (12.0.0)
    coderay (1.1.3)
    concurrent-ruby (1.3.5)
    dry-configurable (1.3.0)
      dry-core (~> 1.1)
      zeitwerk (~> 2.6)
    dry-core (1.1.0)
      concurrent-ruby (~> 1.0)
      logger
      zeitwerk (~> 2.6)
    dry-inflector (1.2.0)
    dry-initializer (3.2.0)
    dry-logic (1.6.0)
      bigdecimal
      concurrent-ruby (~> 1.0)
      dry-core (~> 1.1)
      zeitwerk (~> 2.6)
    dry-schema (1.14.1)
      concurrent-ruby (~> 1.0)
      dry-configurable (~> 1.0, >= 1.0.1)
      dry-core (~> 1.1)
      dry-initializer (~> 3.2)
      dry-logic (~> 1.5)
      dry-types (~> 1.8)
      zeitwerk (~> 2.6)
    dry-types (1.8.2)
      bigdecimal (~> 3.0)
      concurrent-ruby (~> 1.0)
      dry-core (~> 1.0)
      dry-inflector (~> 1.0)
      dry-logic (~> 1.4)
      zeitwerk (~> 2.6)
    dry-validation (1.11.1)
      concurrent-ruby (~> 1.0)
      dry-core (~> 1.1)
      dry-initializer (~> 3.2)
      dry-schema (~> 1.14)
      zeitwerk (~> 2.6)
    json (2.12.2)
    logger (1.7.0)
    method_source (1.1.0)
    nio4r (2.7.4)
    pry (0.15.2)
      coderay (~> 1.1)
      method_source (~> 1.0)
    pry-byebug (3.11.0)
      byebug (~> 12.0)
      pry (>= 0.13, < 0.16)
    puma (6.6.0)
      nio4r (~> 2.0)
    rack (3.1.16)
    rbtree (0.4.6)
    set (1.1.2)
    sorted_set (1.0.3)
      rbtree
      set (~> 1.0)
    zeitwerk (2.7.3)

PLATFORMS
  x86_64-linux-gnu

DEPENDENCIES
  bunny
  dry-validation
  json
  pry
  pry-byebug
  puma
  rack

BUNDLED WITH
   2.4.20
